GIT
  remote: https://github.com/foxdog-studios/citysdk-client.git
  revision: b388af2d1acc45c82c6d2361e91fb2751760c7d9
  specs:
    citysdk-client (0.2)
      addressable (~> 2.3.5)
      charlock_holmes (~> 0.6.9.4)
      dbf
      faraday (~> 0.8.5)
      georuby (~> 2.0.0)
      nokogiri (~> 1.6.1)

GEM
  remote: https://rubygems.org/
  specs:
    addressable (2.3.6)
    charlock_holmes (0.6.9.4)
    dbf (2.0.7)
      fastercsv (~> 1.5.4)
    faraday (0.8.9)
      multipart-post (~> 1.2.0)
    fastercsv (1.5.5)
    georuby (2.0.0)
    mini_portile (0.6.0)
    multipart-post (1.2.0)
    nokogiri (1.6.2.1)
      mini_portile (= 0.6.0)
    trollop (2.0)

PLATFORMS
  ruby

DEPENDENCIES
  citysdk-client!
  faraday
  trollop
