GIT
  remote: https://github.com/foxdog-studios/citysdk-client.git
  revision: 7db5c717fe2cda78deab485544165b2aeeee8b43
  specs:
    citysdk-client (0.2)
      addressable (~> 2.3.5)
      charlock_holmes (~> 0.6.9.4)
      dbf
      faraday (~> 0.8.5)
      georuby (~> 2.0.0)
      nokogiri (~> 1.6.1)

GEM
  remote: https://rubygems.org/
  specs:
    addressable (2.3.6)
    charlock_holmes (0.6.9.4)
    dbf (2.0.7)
      fastercsv (~> 1.5.4)
    faraday (0.8.9)
      multipart-post (~> 1.2.0)
    fastercsv (1.5.5)
    georuby (2.0.0)
    mini_portile (0.5.3)
    multipart-post (1.2.0)
    nokogiri (1.6.1)
      mini_portile (~> 0.5.0)
    trollop (2.0)

PLATFORMS
  ruby

DEPENDENCIES
  citysdk-client!
  faraday
  trollop
